GIT
  remote: https://github.com/gjack/lita-resources-api-client
  revision: 8bfcbc8ce94713504895b0e45fc7d953f8295978
  specs:
    lita-resources-api-client (0.1.0)
      lita (>= 4.7)
      pco_api

GEM
  remote: https://rubygems.org/
  specs:
    concurrent-ruby (1.1.5)
    eventmachine (1.2.7)
    excon (0.45.4)
    faraday (0.15.4)
      multipart-post (>= 1.2, < 3)
    faraday_middleware (0.13.1)
      faraday (>= 0.7.4, < 1.0)
    faye-websocket (0.10.9)
      eventmachine (>= 0.12.0)
      websocket-driver (>= 0.5.1)
    http_router (0.11.2)
      rack (>= 1.0.0)
      url_mount (~> 0.2.1)
    i18n (1.6.0)
      concurrent-ruby (~> 1.0)
    ice_nine (0.11.2)
    lita (4.7.1)
      bundler (>= 1.3)
      faraday (>= 0.8.7)
      http_router (>= 0.11.2)
      i18n (>= 0.6.9)
      ice_nine (>= 0.11.0)
      multi_json (>= 1.7.7)
      puma (>= 2.7.1)
      rack (>= 1.5.2, < 2.0.0)
      rb-readline (>= 0.5.1)
      redis-namespace (>= 1.3.0)
      thor (>= 0.18.1)
    lita-slack (1.8.0)
      eventmachine
      faraday
      faye-websocket (>= 0.8.0)
      lita (>= 4.7.1)
      multi_json
    multi_json (1.13.1)
    multipart-post (2.1.1)
    nio4r (2.4.0)
    pco_api (1.2.2)
      excon (~> 0.45.3)
      faraday (~> 0.10)
      faraday_middleware (~> 0.10)
    puma (4.1.0)
      nio4r (~> 2.0)
    rack (1.6.11)
    rb-readline (0.5.5)
    redis (4.1.2)
    redis-namespace (1.6.0)
      redis (>= 3.0.4)
    thor (0.20.3)
    url_mount (0.2.1)
      rack
    websocket-driver (0.7.1)
      websocket-extensions (>= 0.1.0)
    websocket-extensions (0.1.4)

PLATFORMS
  ruby

DEPENDENCIES
  bundler (> 1.3)
  lita
  lita-resources-api-client!
  lita-slack

BUNDLED WITH
   2.0.2
